PATH
  remote: .
  specs:
    beaker-pe (3.0.0)
      beaker (>= 4.0, < 6)
      beaker-abs
      beaker-answers (~> 1.0)
      beaker-puppet (>= 1, < 3)
      beaker-vmpooler (~> 1.0)
      stringify-hash (~> 0.0.0)

GEM
  remote: https://rubygems.org/
  specs:
    activesupport (7.1.3.2)
      base64
      bigdecimal
      concurrent-ruby (~> 1.0, >= 1.0.2)
      connection_pool (>= 2.2.5)
      drb
      i18n (>= 1.6, < 2)
      minitest (>= 5.1)
      mutex_m
      tzinfo (~> 2.0)
    ansi (1.5.0)
    ast (2.4.2)
    base64 (0.2.0)
    bcrypt_pbkdf (1.1.0)
    beaker (4.41.2)
      beaker-hostgenerator
      ed25519 (~> 1.0)
      hocon (~> 1.0)
      in-parallel (>= 0.1, < 2)
      inifile (~> 3.0)
      minitar (~> 0.6)
      minitest (~> 5.4)
      net-scp (>= 1.2, < 5.0)
      net-ssh (>= 5.0)
      rexml
      rsync (~> 1.0.9)
      stringify-hash (~> 0.0)
      thor (>= 1.0.1, < 2.0)
    beaker-abs (0.11.0)
      bcrypt_pbkdf (>= 1.0, < 2.0)
      beaker (~> 4.0)
      ed25519 (>= 1.2, < 2.0)
      vmfloaty (>= 1.0, < 2)
    beaker-answers (1.0.0)
      hocon (~> 1.0)
      require_all (>= 1.3.2, < 3.1.0)
      stringify-hash (~> 0.0.0)
    beaker-hostgenerator (2.9.1)
      deep_merge (~> 1.0)
    beaker-puppet (2.0.0)
      beaker (~> 4.1)
      oga (~> 3.4)
    beaker-vmpooler (1.4.0)
      stringify-hash (~> 0.0.0)
    bigdecimal (3.1.6)
    coderay (1.1.3)
    commander (4.6.0)
      highline (~> 2.0.0)
    concurrent-ruby (1.2.3)
    connection_pool (2.4.1)
    daemons (1.4.1)
    deep_merge (1.2.2)
    diff-lcs (1.5.1)
    docile (1.4.0)
    domain_name (0.6.20240107)
    drb (2.2.0)
      ruby2_keywords
    ed25519 (1.3.0)
    eventmachine (1.2.7)
    fakefs (2.5.0)
    faraday (1.10.3)
      faraday-em_http (~> 1.0)
      faraday-em_synchrony (~> 1.0)
      faraday-excon (~> 1.1)
      faraday-httpclient (~> 1.0)
      faraday-multipart (~> 1.0)
      faraday-net_http (~> 1.0)
      faraday-net_http_persistent (~> 1.0)
      faraday-patron (~> 1.0)
      faraday-rack (~> 1.0)
      faraday-retry (~> 1.0)
      ruby2_keywords (>= 0.0.4)
    faraday-cookie_jar (0.0.7)
      faraday (>= 0.8.0)
      http-cookie (~> 1.0.0)
    faraday-em_http (1.0.0)
    faraday-em_synchrony (1.0.0)
    faraday-excon (1.1.0)
    faraday-httpclient (1.0.1)
    faraday-multipart (1.0.4)
      multipart-post (~> 2)
    faraday-net_http (1.0.1)
    faraday-net_http_persistent (1.2.0)
    faraday-patron (1.0.0)
    faraday-rack (1.0.0)
    faraday-retry (1.0.3)
    faraday_middleware (1.2.0)
      faraday (~> 1.0)
    highline (2.0.3)
    hocon (1.4.0)
    http-cookie (1.0.5)
      domain_name (~> 0.5)
    i18n (1.14.1)
      concurrent-ruby (~> 1.0)
    in-parallel (1.0.1)
    inifile (3.0.0)
    iniparser (1.0.1)
    json (2.7.1)
    kramdown (2.4.0)
      rexml
    logutils (0.6.1)
    markdown (1.2.0)
      kramdown (>= 1.5.0)
      props (>= 1.1.2)
      textutils (>= 0.10.0)
    method_source (1.0.0)
    minitar (0.9)
    minitest (5.22.2)
    multipart-post (2.4.0)
    mutex_m (0.2.0)
    net-ldap (0.19.0)
    net-scp (4.0.0)
      net-ssh (>= 2.6.5, < 8.0.0)
    net-ssh (7.2.1)
    oga (3.4)
      ast
      ruby-ll (~> 2.1)
    power_assert (2.0.3)
    props (1.2.0)
      iniparser (>= 0.1.0)
    pry (0.14.2)
      coderay (~> 1.1)
      method_source (~> 1.0)
    rack (2.2.8.1)
    rake (13.1.0)
    require_all (3.0.0)
    rexml (3.2.6)
    rspec (3.13.0)
      rspec-core (~> 3.13.0)
      rspec-expectations (~> 3.13.0)
      rspec-mocks (~> 3.13.0)
    rspec-core (3.13.0)
      rspec-support (~> 3.13.0)
    rspec-expectations (3.13.0)
      diff-lcs (>= 1.2.0, < 2.0)
      rspec-support (~> 3.13.0)
    rspec-its (1.3.0)
      rspec-core (>= 3.0.0)
      rspec-expectations (>= 3.0.0)
    rspec-mocks (3.13.0)
      diff-lcs (>= 1.2.0, < 2.0)
      rspec-support (~> 3.13.0)
    rspec-support (3.13.0)
    rsync (1.0.9)
    ruby-ll (2.1.3)
      ansi
      ast
    ruby2_keywords (0.0.5)
    rubyzip (2.3.2)
    scooter (4.5.4)
      beaker
      faraday
      faraday-cookie_jar (>= 0.0.7)
      faraday_middleware (~> 1.2)
      json
      net-ldap (~> 0.16)
      test-unit
    simplecov (0.22.0)
      docile (~> 1.1)
      simplecov-html (~> 0.11)
      simplecov_json_formatter (~> 0.1)
    simplecov-html (0.12.3)
    simplecov_json_formatter (0.1.4)
    stringify-hash (0.0.2)
    test-unit (3.6.1)
      power_assert
    textutils (1.4.0)
      activesupport
      logutils (>= 0.6.1)
      props (>= 1.1.2)
      rubyzip (>= 1.0.0)
    thin (1.8.2)
      daemons (~> 1.0, >= 1.0.9)
      eventmachine (~> 1.0, >= 1.0.4)
      rack (>= 1, < 3)
    thor (1.3.0)
    tzinfo (2.0.6)
      concurrent-ruby (~> 1.0)
    vmfloaty (1.8.1)
      commander (>= 4.4.3, < 4.7.0)
      faraday (~> 1.5, >= 1.5.1)
    yard (0.9.36)

PLATFORMS
  aarch64-linux
  ruby
  x86_64-linux

DEPENDENCIES
  activesupport (~> 7.0)
  beaker (~> 4.0)
  beaker-abs (~> 0.8)
  beaker-pe!
  beaker-vmpooler (~> 1.3)
  deep_merge
  fakefs (~> 2.4, < 2.6.0)
  markdown
  pry (~> 0.10)
  rake (~> 13.1.0)
  rspec (~> 3.0)
  rspec-its
  scooter (~> 4.3)
  simplecov (= 0.22.0)
  thin
  yard

BUNDLED WITH
   2.3.23
